GIT
  remote: https://github.com/makersacademy/mastery_answer_code_quality.git
  revision: bd71ed232f285eeb2bde56d64e2e1ef658a95906
  specs:
    mastery_answer_code_quality (0.1.0)

GEM
  remote: https://rubygems.org/
  specs:
    ast (2.4.0)
    childprocess (3.0.0)
    diff-lcs (1.3)
    parallel (1.18.0)
    parser (2.6.5.0)
      ast (~> 2.4.0)
    powerpack (0.1.2)
    rainbow (3.0.0)
    rake (13.0.0)
    rspec (3.9.0)
      rspec-core (~> 3.9.0)
      rspec-expectations (~> 3.9.0)
      rspec-mocks (~> 3.9.0)
    rspec-core (3.9.0)
      rspec-support (~> 3.9.0)
    rspec-expectations (3.9.0)
      diff-lcs (>= 1.2.0, < 2.0)
      rspec-support (~> 3.9.0)
    rspec-mocks (3.9.0)
      diff-lcs (>= 1.2.0, < 2.0)
      rspec-support (~> 3.9.0)
    rspec-support (3.9.0)
    rubocop (0.52.0)
      parallel (~> 1.10)
      parser (>= 2.4.0.2, < 3.0)
      powerpack (~> 0.1)
      rainbow (>= 2.2.2, < 4.0)
      ruby-progressbar (~> 1.7)
      unicode-display_width (~> 1.0, >= 1.0.1)
    ruby-progressbar (1.10.1)
    safe_ruby (1.0.4)
      childprocess (>= 0.3.9)
    unicode-display_width (1.6.0)

PLATFORMS
  ruby

DEPENDENCIES
  mastery_answer_code_quality!
  rake
  rspec
  rubocop (= 0.52.0)
  safe_ruby

BUNDLED WITH
   2.0.2
